GEM
  remote: https://rubygems.org/
  specs:
    backports (3.15.0)
    bible_parser (1.0.0)
      nokogiri (>= 1.6.0)
    bible_ref (1.2.0)
      parslet (~> 1.6)
    mini_portile2 (2.4.0)
    multi_json (1.14.1)
    mustermann (1.0.3)
    mysql2 (0.5.2)
    nokogiri (1.10.4)
      mini_portile2 (~> 2.4.0)
    parslet (1.8.2)
    rack (2.0.8)
    rack-protection (2.0.7)
      rack
    sequel (5.25.0)
    sinatra (2.0.7)
      mustermann (~> 1.0)
      rack (~> 2.0)
      rack-protection (= 2.0.7)
      tilt (~> 2.0)
    sinatra-contrib (2.0.7)
      backports (>= 2.8.2)
      multi_json
      mustermann (~> 1.0)
      rack-protection (= 2.0.7)
      sinatra (= 2.0.7)
      tilt (~> 2.0)
    tilt (2.0.10)

PLATFORMS
  ruby

DEPENDENCIES
  bible_parser
  bible_ref
  mysql2
  sequel
  sinatra
  sinatra-contrib

BUNDLED WITH
   1.17.3
